GEM
  remote: https://rubygems.org/
  specs:
    alki (0.2.0)

PLATFORMS
  ruby

DEPENDENCIES
  alki

BUNDLED WITH
   1.12.5
